GEM
  remote: http://rubygems.org/
  specs:
    json (1.6.8)
    mime-types (1.25.1)
    multi_json (1.10.1)
    rest-client (1.6.14)
      mime-types (~> 1.16)
    rr (1.0.5)
    simplecov (0.6.4)
      multi_json (~> 1.0)
      simplecov-html (~> 0.5.3)
    simplecov-html (0.5.3)

PLATFORMS
  ruby

DEPENDENCIES
  json (~> 1.6.5)
  rest-client (~> 1.6.13)
  rr (~> 1.0.4)
  simplecov (~> 0.6.1)

BUNDLED WITH
   1.17.3
